{
	"TaskName": "restON",	
	"Modality": "MR",
	"MagneticFieldStrength": 3,
	"ImagingFrequency": 127.744,
	"Manufacturer": "GE",
	"PulseSequenceName": "epi",
	"InternalPulseSequenceName": "EPI",
	"ManufacturersModelName": "DISCOVERY MR750",
	"InstitutionName": "UCSF QB3",
	"DeviceSerialNumber": "000000000415MB3T",
	"StationName": "UCSFMB3TMR",
	"BodyPartExamined": "HEAD",
	"PatientPosition": "HFS",
	"ProcedureStepDescription": "MR BRAIN WITHOUT CONTRAST",
	"SoftwareVersions": "27\\LX\\MR Software release:DV26.0_R01_1725.a",
	"MRAcquisitionType": "2D",
	"SeriesDescription": "Brain AX rsfMRI ON Run 2",
	"ScanningSequence": "EP\\GR",
	"SequenceVariant": "SS",
	"ScanOptions": "SAT_GEMS\\MP_GEMS\\EPI_GEMS\\ACC_GEMS\\FS",
	"ImageType": ["ORIGINAL", "PRIMARY", "OTHER"],
	"AcquisitionNumber": 1,
	"TriggerDelayTime": 361144,
	"SliceThickness": 4,
	"SpacingBetweenSlices": 4,
	"SAR": 0.120887,
	"EchoTime": 0.029,
	"RepetitionTime": 2.15,
	"FlipAngle": 84,
	"PhaseEncodingPolarityGE": "Flipped",
	"CoilString": "RM:Nova32ch",
	"PercentPhaseFOV": 100,
	"PercentSampling": 100,
	"AcquisitionMatrixPE": 64,
	"ReconMatrixPE": 64,
	"ParallelReductionFactorInPlane": 2,
	"EffectiveEchoSpacing": 0.000322794,
	"TotalReadoutTime": 0.020336,
	"PixelBandwidth": 1937.5,
	"PhaseEncodingDirection": "j",
	"SliceTiming": [
		0,
		1.075,
		0.0565789,
		1.13158,
		0.113158,
		1.18816,
		0.169737,
		1.24474,
		0.226316,
		1.30132,
		0.282895,
		1.35789,
		0.339474,
		1.41447,
		0.396053,
		1.47105,
		0.452632,
		1.52763,
		0.509211,
		1.58421,
		0.565789,
		1.64079,
		0.622368,
		1.69737,
		0.678947,
		1.75395,
		0.735526,
		1.81053,
		0.792105,
		1.86711,
		0.848684,
		1.92368,
		0.905263,
		1.98026,
		0.961842,
		2.03684,
		1.01842,
		2.09342	],
	"ImageOrientationPatientDICOM": [
		1,
		-0,
		0,
		-0,
		1,
		0	],
	"InPlanePhaseEncodingDirectionDICOM": "COL",
	"ConversionSoftware": "dcm2niix",
	"ConversionSoftwareVersion": "v1.0.20211006"
}
