{
	"TaskName": "restOFF",	
	"Modality": "MR",
	"MagneticFieldStrength": 3,
	"ImagingFrequency": 127.745,
	"Manufacturer": "GE",
	"PulseSequenceName": "epi",
	"InternalPulseSequenceName": "EPI",
	"ManufacturersModelName": "DISCOVERY MR750",
	"InstitutionName": "UCSF QB3",
	"DeviceSerialNumber": "000000000415MB3T",
	"StationName": "UCSFMB3TMR",
	"BodyPartExamined": "HEAD",
	"PatientPosition": "HFS",
	"ProcedureStepDescription": "MR BRAIN WITHOUT CONTRAST",
	"SoftwareVersions": "27\\LX\\MR Software release:DV26.0_R01_1725.a",
	"MRAcquisitionType": "2D",
	"SeriesDescription": "Brain AX rsfMRI OFF Run 1",
	"ProtocolName": "DBSPreop_R01_Morrison_Pa",
	"ScanningSequence": "EP\\GR",
	"SequenceVariant": "SS",
	"ScanOptions": "SAT_GEMS\\MP_GEMS\\EPI_GEMS\\ACC_GEMS\\FS",
	"ImageType": ["ORIGINAL", "PRIMARY", "OTHER"],
	"SeriesNumber": 6,
	"AcquisitionTime": "13:02:51.000000",
	"AcquisitionNumber": 1,
	"TriggerDelayTime": 361141,
	"SliceThickness": 4,
	"SpacingBetweenSlices": 4,
	"SAR": 0.107928,
	"EchoTime": 0.029,
	"RepetitionTime": 2.15,
	"FlipAngle": 84,
	"PhaseEncodingPolarityGE": "Flipped",
	"CoilString": "RM:Nova32ch",
	"PercentPhaseFOV": 100,
	"PercentSampling": 100,
	"AcquisitionMatrixPE": 64,
	"ReconMatrixPE": 64,
	"ParallelReductionFactorInPlane": 2,
	"EffectiveEchoSpacing": 0.000322794,
	"TotalReadoutTime": 0.020336,
	"PixelBandwidth": 1937.5,
	"PhaseEncodingDirection": "j",
	"SliceTiming": [
		0,
		1.075,
		0.0597222,
		1.13472,
		0.119444,
		1.19444,
		0.179167,
		1.25417,
		0.238889,
		1.31389,
		0.298611,
		1.37361,
		0.358333,
		1.43333,
		0.418056,
		1.49306,
		0.477778,
		1.55278,
		0.5375,
		1.6125,
		0.597222,
		1.67222,
		0.656944,
		1.73194,
		0.716667,
		1.79167,
		0.776389,
		1.85139,
		0.836111,
		1.91111,
		0.895833,
		1.97083,
		0.955556,
		2.03056,
		1.01528,
		2.09028	],
	"ImageOrientationPatientDICOM": [
		1,
		-0,
		0,
		-0,
		1,
		0	],
	"InPlanePhaseEncodingDirectionDICOM": "COL",
	"ConversionSoftware": "dcm2niix",
	"ConversionSoftwareVersion": "v1.0.20211006"
}
