{
	"Modality": "MR",
	"MagneticFieldStrength": 3,
	"ImagingFrequency": 127.745,
	"Manufacturer": "GE",
	"ManufacturersModelName": "DISCOVERY MR750",
	"InstitutionName": "UCSF QB3",
	"DeviceSerialNumber": "000000000415MB3T",
	"StationName": "UCSFMB3TMR",
	"BodyPartExamined": "BRAIN",
	"PatientPosition": "HFS",
	"ProcedureStepDescription": "MR BRAIN WITHOUT CONTRAST",
	"SoftwareVersions": "27\\LX\\MR Software release:DV26.0_R01_1725.a",
	"MRAcquisitionType": "3D",
	"SeriesDescription": "Brain Ax 3D T1_GRE ",
	"ScanningSequence": "GR",
	"SequenceVariant": "SS\\SK",
	"ScanOptions": "FAST_GEMS\\EDR_GEMS\\ACC_GEMS\\IR_GEMS",
	"ImageType": ["ORIGINAL", "PRIMARY", "OTHER"],
	"AcquisitionNumber": 1,
	"SliceThickness": 1.2,
	"SpacingBetweenSlices": 1.2,
	"SAR": 0.100115,
	"EchoTime": 0.003356,
	"RepetitionTime": 0.008564,
	"InversionTime": 0.6,
	"FlipAngle": 12,
	"CoilString": "RM:Nova32ch",
	"PercentPhaseFOV": 80,
	"PercentSampling": 100,
	"AcquisitionMatrixPE": 256,
	"ReconMatrixPE": 512,
	"ParallelReductionFactorInPlane": 2,
	"PixelBandwidth": 122.07,
	"ImageOrientationPatientDICOM": [
		0.99977,
		0.01917,
		0.00934,
		-0.01772,
		0.99053,
		-0.13616	],
	"InPlanePhaseEncodingDirectionDICOM": "ROW",
	"ConversionSoftware": "dcm2niix",
	"ConversionSoftwareVersion": "v1.0.20211006"
}